GIT
  remote: https://github.com/ianheggie/health_check
  revision: 0b799ead604f900ed50685e9b2d469cd2befba5b
  ref: 0b799ead604f900ed50685e9b2d469cd2befba5b
  specs:
    health_check (4.0.0.pre)
      rails (>= 4.0)

GIT
  remote: https://github.com/rtomayko/posix-spawn
  revision: 58465d2e213991f8afb13b984854a49fcdcc980c
  ref: 58465d2e213991f8afb13b984854a49fcdcc980c
  specs:
    posix-spawn (0.3.13)

GIT
  remote: https://github.com/tmm1/http_parser.rb
  revision: 54b17ba8c7d8d20a16dfc65d1775241833219cf2
  ref: 54b17ba8c7d8d20a16dfc65d1775241833219cf2
  submodules: true
  specs:
    http_parser.rb (0.6.1)

GIT
  remote: https://github.com/witgo/nilsimsa
  revision: fd184883048b922b176939f851338d0a4971a532
  ref: fd184883048b922b176939f851338d0a4971a532
  specs:
    nilsimsa (1.1.2)

GEM
  remote: https://rubygems.org/
  specs:
    actioncable (5.2.4.3)
      actionpack (= 5.2.4.3)
      nio4r (~> 2.0)
      websocket-driver (>= 0.6.1)
    actionmailer (5.2.4.3)
      actionpack (= 5.2.4.3)
      actionview (= 5.2.4.3)
      activejob (= 5.2.4.3)
      mail (~> 2.5, >= 2.5.4)
      rails-dom-testing (~> 2.0)
    actionpack (5.2.4.3)
      actionview (= 5.2.4.3)
      activesupport (= 5.2.4.3)
      rack (~> 2.0, >= 2.0.8)
      rack-test (>= 0.6.3)
      rails-dom-testing (~> 2.0)
      rails-html-sanitizer (~> 1.0, >= 1.0.2)
    actionview (5.2.4.3)
      activesupport (= 5.2.4.3)
      builder (~> 3.1)
      erubi (~> 1.4)
      rails-dom-testing (~> 2.0)
      rails-html-sanitizer (~> 1.0, >= 1.0.3)
    active_model_serializers (0.10.10)
      actionpack (>= 4.1, < 6.1)
      activemodel (>= 4.1, < 6.1)
      case_transform (>= 0.2)
      jsonapi-renderer (>= 0.1.1.beta1, < 0.3)
    active_record_query_trace (1.7)
    activejob (5.2.4.3)
      activesupport (= 5.2.4.3)
      globalid (>= 0.3.6)
    activemodel (5.2.4.3)
      activesupport (= 5.2.4.3)
    activerecord (5.2.4.3)
      activemodel (= 5.2.4.3)
      activesupport (= 5.2.4.3)
      arel (>= 9.0)
    activestorage (5.2.4.3)
      actionpack (= 5.2.4.3)
      activerecord (= 5.2.4.3)
      marcel (~> 0.3.1)
    activesupport (5.2.4.3)
      concurrent-ruby (~> 1.0, >= 1.0.2)
      i18n (>= 0.7, < 2)
      minitest (~> 5.1)
      tzinfo (~> 1.1)
    addressable (2.7.0)
      public_suffix (>= 2.0.2, < 5.0)
    airbrussh (1.4.0)
      sshkit (>= 1.6.1, != 1.7.0)
    annotate (3.1.1)
      activerecord (>= 3.2, < 7.0)
      rake (>= 10.4, < 14.0)
    arel (9.0.0)
    ast (2.4.1)
    attr_encrypted (3.1.0)
      encryptor (~> 3.0.0)
    av (0.9.0)
      cocaine (~> 0.5.3)
    aws-eventstream (1.1.0)
    aws-partitions (1.376.0)
    aws-sdk-core (3.108.0)
      aws-eventstream (~> 1, >= 1.0.2)
      aws-partitions (~> 1, >= 1.239.0)
      aws-sigv4 (~> 1.1)
      jmespath (~> 1.0)
    aws-sdk-kms (1.38.0)
      aws-sdk-core (~> 3, >= 3.99.0)
      aws-sigv4 (~> 1.1)
    aws-sdk-s3 (1.81.1)
      aws-sdk-core (~> 3, >= 3.104.3)
      aws-sdk-kms (~> 1)
      aws-sigv4 (~> 1.1)
    aws-sigv4 (1.2.2)
      aws-eventstream (~> 1, >= 1.0.2)
    bcrypt (3.1.13)
    better_errors (2.7.1)
      coderay (>= 1.0.0)
      erubi (>= 1.0.0)
      rack (>= 0.9.0)
    binding_of_caller (0.8.0)
      debug_inspector (>= 0.0.1)
    blurhash (0.1.4)
      ffi (~> 1.10.0)
    bootsnap (1.4.6)
      msgpack (~> 1.0)
    brakeman (4.8.2)
    browser (4.2.0)
    builder (3.2.4)
    bullet (6.1.0)
      activesupport (>= 3.0.0)
      uniform_notifier (~> 1.11)
    bundler-audit (0.7.0.1)
      bundler (>= 1.2.0, < 3)
      thor (>= 0.18, < 2)
    byebug (11.1.3)
    capistrano (3.14.1)
      airbrussh (>= 1.0.0)
      i18n
      rake (>= 10.0.0)
      sshkit (>= 1.9.0)
    capistrano-bundler (1.6.0)
      capistrano (~> 3.1)
    capistrano-rails (1.5.0)
      capistrano (~> 3.1)
      capistrano-bundler (~> 1.1)
    capistrano-rbenv (2.1.6)
      capistrano (~> 3.1)
      sshkit (~> 1.3)
    capistrano-yarn (2.0.2)
      capistrano (~> 3.0)
    capybara (3.33.0)
      addressable
      mini_mime (>= 0.1.3)
      nokogiri (~> 1.8)
      rack (>= 1.6.0)
      rack-test (>= 0.6.3)
      regexp_parser (~> 1.5)
      xpath (~> 3.2)
    case_transform (0.2)
      activesupport
    charlock_holmes (0.7.7)
    chewy (5.1.0)
      activesupport (>= 4.0)
      elasticsearch (>= 2.0.0)
      elasticsearch-dsl
    chunky_png (1.3.11)
    cld3 (3.3.0)
      ffi (>= 1.1.0, < 1.12.0)
    climate_control (0.2.0)
    cocaine (0.5.8)
      climate_control (>= 0.0.3, < 1.0)
    coderay (1.1.3)
    color_diff (0.1)
    concurrent-ruby (1.1.6)
    connection_pool (2.2.3)
    crack (0.4.3)
      safe_yaml (~> 1.0.0)
    crass (1.0.6)
    css_parser (1.7.1)
      addressable
    debug_inspector (0.0.3)
    devise (4.7.2)
      bcrypt (~> 3.0)
      orm_adapter (~> 0.1)
      railties (>= 4.1.0)
      responders
      warden (~> 1.2.3)
    devise-two-factor (3.1.0)
      activesupport (< 6.1)
      attr_encrypted (>= 1.3, < 4, != 2)
      devise (~> 4.0)
      railties (< 6.1)
      rotp (~> 2.0)
    devise_pam_authenticatable2 (9.2.0)
      devise (>= 4.0.0)
      rpam2 (~> 4.0)
    diff-lcs (1.4.4)
    discard (1.2.0)
      activerecord (>= 4.2, < 7)
    docile (1.3.2)
    domain_name (0.5.20190701)
      unf (>= 0.0.5, < 1.0.0)
    doorkeeper (5.4.0)
      railties (>= 5)
    dotenv (2.7.5)
    dotenv-rails (2.7.5)
      dotenv (= 2.7.5)
      railties (>= 3.2, < 6.1)
    e2mmap (0.1.0)
    ed25519 (1.2.4)
    elasticsearch (7.8.0)
      elasticsearch-api (= 7.8.0)
      elasticsearch-transport (= 7.8.0)
    elasticsearch-api (7.8.0)
      multi_json
    elasticsearch-dsl (0.1.9)
    elasticsearch-transport (7.8.0)
      faraday (~> 1)
      multi_json
    encryptor (3.0.0)
    equatable (0.6.1)
    erubi (1.9.0)
    et-orbi (1.2.4)
      tzinfo
    excon (0.75.0)
    fabrication (2.21.1)
    faker (2.13.0)
      i18n (>= 1.6, < 2)
    faraday (1.0.1)
      multipart-post (>= 1.2, < 3)
    fast_blank (1.0.0)
    fastimage (2.1.7)
    ffi (1.10.0)
    ffi-compiler (1.0.1)
      ffi (>= 1.0.0)
      rake
    fog-core (2.1.0)
      builder
      excon (~> 0.58)
      formatador (~> 0.2)
      mime-types
    fog-json (1.2.0)
      fog-core
      multi_json (~> 1.10)
    fog-openstack (0.3.10)
      fog-core (>= 1.45, <= 2.1.0)
      fog-json (>= 1.0)
      ipaddress (>= 0.8)
    formatador (0.2.5)
    fugit (1.3.6)
      et-orbi (~> 1.1, >= 1.1.8)
      raabro (~> 1.3)
    fuubar (2.5.0)
      rspec-core (~> 3.0)
      ruby-progressbar (~> 1.4)
    globalid (0.4.2)
      activesupport (>= 4.2.0)
    goldfinger (2.1.1)
      addressable (~> 2.5)
      http (~> 4.0)
      nokogiri (~> 1.8)
      oj (~> 3.0)
    hamlit (2.11.0)
      temple (>= 0.8.2)
      thor
      tilt
    hamlit-rails (0.2.3)
      actionpack (>= 4.0.1)
      activesupport (>= 4.0.1)
      hamlit (>= 1.2.0)
      railties (>= 4.0.1)
    hamster (3.0.0)
      concurrent-ruby (~> 1.0)
    hashdiff (1.0.1)
    hashie (4.1.0)
    highline (2.0.3)
    hiredis (0.6.3)
    hkdf (0.3.0)
    htmlentities (4.3.4)
    http (4.4.1)
      addressable (~> 2.3)
      http-cookie (~> 1.0)
      http-form_data (~> 2.2)
      http-parser (~> 1.2.0)
    http-cookie (1.0.3)
      domain_name (~> 0.5)
    http-form_data (2.3.0)
    http-parser (1.2.1)
      ffi-compiler (>= 1.0, < 2.0)
    http_accept_language (2.1.1)
    httplog (1.4.3)
      rack (>= 1.0)
      rainbow (>= 2.0.0)
    i18n (1.8.3)
      concurrent-ruby (~> 1.0)
    i18n-tasks (0.9.31)
      activesupport (>= 4.0.2)
      ast (>= 2.1.0)
      erubi
      highline (>= 2.0.0)
      i18n
      parser (>= 2.2.3.0)
      rails-i18n
      rainbow (>= 2.2.2, < 4.0)
      terminal-table (>= 1.5.1)
    idn-ruby (0.1.0)
    ipaddress (0.8.3)
    iso-639 (0.3.5)
    jmespath (1.4.0)
    json (2.3.1)
    json-canonicalization (0.2.0)
    json-ld (3.1.4)
      htmlentities (~> 4.3)
      json-canonicalization (~> 0.2)
      link_header (~> 0.0, >= 0.0.8)
      multi_json (~> 1.14)
      rack (~> 2.0)
      rdf (~> 3.1)
    json-ld-preloaded (3.1.3)
      json-ld (~> 3.1)
      rdf (~> 3.1)
    jsonapi-renderer (0.2.2)
    jwt (2.2.1)
    kaminari (1.2.1)
      activesupport (>= 4.1.0)
      kaminari-actionview (= 1.2.1)
      kaminari-activerecord (= 1.2.1)
      kaminari-core (= 1.2.1)
    kaminari-actionview (1.2.1)
      actionview
      kaminari-core (= 1.2.1)
    kaminari-activerecord (1.2.1)
      activerecord
      kaminari-core (= 1.2.1)
    kaminari-core (1.2.1)
    launchy (2.5.0)
      addressable (~> 2.7)
    letter_opener (1.7.0)
      launchy (~> 2.2)
    letter_opener_web (1.4.0)
      actionmailer (>= 3.2)
      letter_opener (~> 1.0)
      railties (>= 3.2)
    link_header (0.0.8)
    lograge (0.11.2)
      actionpack (>= 4)
      activesupport (>= 4)
      railties (>= 4)
      request_store (~> 1.0)
    loofah (2.6.0)
      crass (~> 1.0.2)
      nokogiri (>= 1.5.9)
    mail (2.7.1)
      mini_mime (>= 0.1.1)
    makara (0.4.1)
      activerecord (>= 3.0.0)
    marcel (0.3.3)
      mimemagic (~> 0.3.2)
    mario-redis-lock (1.2.1)
      redis (>= 3.0.5)
    memory_profiler (0.9.14)
    method_source (1.0.0)
    microformats (4.2.0)
      json (~> 2.2)
      nokogiri (~> 1.10)
    mime-types (3.3.1)
      mime-types-data (~> 3.2015)
    mime-types-data (3.2020.0512)
    mimemagic (0.3.5)
    mini_mime (1.0.2)
    mini_portile2 (2.4.0)
    minitest (5.14.1)
    msgpack (1.3.3)
    multi_json (1.14.1)
    multipart-post (2.1.1)
    necromancer (0.5.1)
    net-ldap (0.16.2)
    net-scp (3.0.0)
      net-ssh (>= 2.6.5, < 7.0.0)
    net-ssh (6.1.0)
    nio4r (2.5.2)
    nokogiri (1.10.9)
      mini_portile2 (~> 2.4.0)
    nokogumbo (2.0.2)
      nokogiri (~> 1.8, >= 1.8.4)
    nsa (0.2.7)
      activesupport (>= 4.2, < 6)
      concurrent-ruby (~> 1.0, >= 1.0.2)
      sidekiq (>= 3.5)
      statsd-ruby (~> 1.4, >= 1.4.0)
    oj (3.10.6)
    omniauth (1.9.1)
      hashie (>= 3.4.6)
      rack (>= 1.6.2, < 3)
    omniauth-cas (1.1.1)
      addressable (~> 2.3)
      nokogiri (~> 1.5)
      omniauth (~> 1.2)
    omniauth-saml (1.10.2)
      omniauth (~> 1.3, >= 1.3.2)
      ruby-saml (~> 1.9)
    orm_adapter (0.5.0)
    ox (2.13.2)
    paperclip (6.0.0)
      activemodel (>= 4.2.0)
      activesupport (>= 4.2.0)
      mime-types
      mimemagic (~> 0.3.0)
      terrapin (~> 0.6.0)
    paperclip-av-transcoder (0.6.4)
      av (~> 0.9.0)
      paperclip (>= 2.5.2)
    parallel (1.19.2)
    parallel_tests (3.0.0)
      parallel
    parser (2.7.1.4)
      ast (~> 2.4.1)
    parslet (2.0.0)
    pastel (0.7.4)
      equatable (~> 0.6)
      tty-color (~> 0.5)
    pg (1.2.3)
    pghero (2.5.1)
      activerecord (>= 5)
    pkg-config (1.4.1)
    premailer (1.11.1)
      addressable
      css_parser (>= 1.6.0)
      htmlentities (>= 4.0.0)
    premailer-rails (1.11.1)
      actionmailer (>= 3)
      premailer (~> 1.7, >= 1.7.9)
    private_address_check (0.5.0)
    pry (0.13.1)
      coderay (~> 1.1)
      method_source (~> 1.0)
    pry-byebug (3.9.0)
      byebug (~> 11.0)
      pry (~> 0.13.0)
    pry-rails (0.3.9)
      pry (>= 0.10.4)
    public_suffix (4.0.5)
    puma (4.3.5)
      nio4r (~> 2.0)
    pundit (2.1.0)
      activesupport (>= 3.0.0)
    raabro (1.3.1)
    rack (2.2.3)
    rack-attack (6.3.1)
      rack (>= 1.0, < 3)
    rack-cors (1.1.1)
      rack (>= 2.0.0)
    rack-proxy (0.6.5)
      rack
    rack-test (1.1.0)
      rack (>= 1.0, < 3)
    rails (5.2.4.3)
      actioncable (= 5.2.4.3)
      actionmailer (= 5.2.4.3)
      actionpack (= 5.2.4.3)
      actionview (= 5.2.4.3)
      activejob (= 5.2.4.3)
      activemodel (= 5.2.4.3)
      activerecord (= 5.2.4.3)
      activestorage (= 5.2.4.3)
      activesupport (= 5.2.4.3)
      bundler (>= 1.3.0)
      railties (= 5.2.4.3)
      sprockets-rails (>= 2.0.0)
    rails-controller-testing (1.0.5)
      actionpack (>= 5.0.1.rc1)
      actionview (>= 5.0.1.rc1)
      activesupport (>= 5.0.1.rc1)
    rails-dom-testing (2.0.3)
      activesupport (>= 4.2.0)
      nokogiri (>= 1.6)
    rails-html-sanitizer (1.3.0)
      loofah (~> 2.3)
    rails-i18n (5.1.3)
      i18n (>= 0.7, < 2)
      railties (>= 5.0, < 6)
    rails-settings-cached (0.6.6)
      rails (>= 4.2.0)
    railties (5.2.4.3)
      actionpack (= 5.2.4.3)
      activesupport (= 5.2.4.3)
      method_source
      rake (>= 0.8.7)
      thor (>= 0.19.0, < 2.0)
    rainbow (3.0.0)
    rake (13.0.1)
    rdf (3.1.4)
      hamster (~> 3.0)
      link_header (~> 0.0, >= 0.0.8)
    rdf-normalize (0.4.0)
      rdf (~> 3.1)
    redis (4.2.1)
    redis-actionpack (5.2.0)
      actionpack (>= 5, < 7)
      redis-rack (>= 2.1.0, < 3)
      redis-store (>= 1.1.0, < 2)
    redis-activesupport (5.2.0)
      activesupport (>= 3, < 7)
      redis-store (>= 1.3, < 2)
    redis-namespace (1.7.0)
      redis (>= 3.0.4)
    redis-rack (2.1.2)
      rack (>= 2.0.8, < 3)
      redis-store (>= 1.2, < 2)
    redis-rails (5.0.2)
      redis-actionpack (>= 5.0, < 6)
      redis-activesupport (>= 5.0, < 6)
      redis-store (>= 1.2, < 2)
    redis-store (1.9.0)
      redis (>= 4, < 5)
    regexp_parser (1.7.1)
    request_store (1.5.0)
      rack (>= 1.4)
    responders (3.0.1)
      actionpack (>= 5.0)
      railties (>= 5.0)
    rexml (3.2.4)
    rotp (2.1.2)
    rpam2 (4.0.2)
    rqrcode (1.1.2)
      chunky_png (~> 1.0)
      rqrcode_core (~> 0.1)
    rqrcode_core (0.1.2)
    rspec-core (3.9.2)
      rspec-support (~> 3.9.3)
    rspec-expectations (3.9.2)
      diff-lcs (>= 1.2.0, < 2.0)
      rspec-support (~> 3.9.0)
    rspec-mocks (3.9.1)
      diff-lcs (>= 1.2.0, < 2.0)
      rspec-support (~> 3.9.0)
    rspec-rails (4.0.1)
      actionpack (>= 4.2)
      activesupport (>= 4.2)
      railties (>= 4.2)
      rspec-core (~> 3.9)
      rspec-expectations (~> 3.9)
      rspec-mocks (~> 3.9)
      rspec-support (~> 3.9)
    rspec-sidekiq (3.1.0)
      rspec-core (~> 3.0, >= 3.0.0)
      sidekiq (>= 2.4.0)
    rspec-support (3.9.3)
    rspec_junit_formatter (0.4.1)
      rspec-core (>= 2, < 4, != 2.12.0)
    rubocop (0.86.0)
      parallel (~> 1.10)
      parser (>= 2.7.0.1)
      rainbow (>= 2.2.2, < 4.0)
      regexp_parser (>= 1.7)
      rexml
      rubocop-ast (>= 0.0.3, < 1.0)
      ruby-progressbar (~> 1.7)
      unicode-display_width (>= 1.4.0, < 2.0)
    rubocop-ast (0.1.0)
      parser (>= 2.7.0.1)
    rubocop-rails (2.6.0)
      activesupport (>= 4.2.0)
      rack (>= 1.1)
      rubocop (>= 0.82.0)
    ruby-progressbar (1.10.1)
    ruby-saml (1.11.0)
      nokogiri (>= 1.5.10)
    rufus-scheduler (3.6.0)
      fugit (~> 1.1, >= 1.1.6)
    safe_yaml (1.0.5)
    sanitize (5.2.1)
      crass (~> 1.0.2)
      nokogiri (>= 1.8.0)
      nokogumbo (~> 2.0)
    semantic_range (2.3.0)
    sidekiq (6.1.0)
      connection_pool (>= 2.2.2)
      rack (~> 2.0)
      redis (>= 4.2.0)
    sidekiq-bulk (0.2.0)
      sidekiq
    sidekiq-scheduler (3.0.1)
      e2mmap
      redis (>= 3, < 5)
      rufus-scheduler (~> 3.2)
      sidekiq (>= 3)
      thwait
      tilt (>= 1.4.0)
    sidekiq-unique-jobs (6.0.22)
      concurrent-ruby (~> 1.0, >= 1.0.5)
      sidekiq (>= 4.0, < 7.0)
      thor (~> 0)
    simple-navigation (4.1.0)
      activesupport (>= 2.3.2)
    simple_form (5.0.2)
      actionpack (>= 5.0)
      activemodel (>= 5.0)
    simplecov (0.18.5)
      docile (~> 1.1)
      simplecov-html (~> 0.11)
    simplecov-html (0.12.2)
    sprockets (3.7.2)
      concurrent-ruby (~> 1.0)
      rack (> 1, < 3)
    sprockets-rails (3.2.1)
      actionpack (>= 4.0)
      activesupport (>= 4.0)
      sprockets (>= 3.0.0)
    sshkit (1.21.0)
      net-scp (>= 1.1.2)
      net-ssh (>= 2.8.0)
    stackprof (0.2.15)
    statsd-ruby (1.4.0)
    stoplight (2.2.0)
    streamio-ffmpeg (3.0.2)
      multi_json (~> 1.8)
    strong_migrations (0.6.8)
      activerecord (>= 5)
    temple (0.8.2)
    terminal-table (1.8.0)
      unicode-display_width (~> 1.1, >= 1.1.1)
    terrapin (0.6.0)
      climate_control (>= 0.0.3, < 1.0)
    thor (0.20.3)
    thread_safe (0.3.6)
    thwait (0.1.0)
    tilt (2.0.10)
    tty-color (0.5.1)
    tty-cursor (0.7.1)
    tty-prompt (0.21.0)
      necromancer (~> 0.5.0)
      pastel (~> 0.7.0)
      tty-reader (~> 0.7.0)
    tty-reader (0.7.0)
      tty-cursor (~> 0.7)
      tty-screen (~> 0.7)
      wisper (~> 2.0.0)
    tty-screen (0.8.0)
    twitter-text (1.14.7)
      unf (~> 0.1.0)
    tzinfo (1.2.7)
      thread_safe (~> 0.1)
    tzinfo-data (1.2020.1)
      tzinfo (>= 1.0.0)
    unf (0.1.4)
      unf_ext
    unf_ext (0.0.7.7)
    unicode-display_width (1.7.0)
    uniform_notifier (1.13.0)
    warden (1.2.8)
      rack (>= 2.0.6)
    webmock (3.8.3)
      addressable (>= 2.3.6)
      crack (>= 0.3.2)
      hashdiff (>= 0.4.0, < 2.0.0)
    webpacker (5.1.1)
      activesupport (>= 5.2)
      rack-proxy (>= 0.6.1)
      railties (>= 5.2)
      semantic_range (>= 2.3.0)
    webpush (0.3.8)
      hkdf (~> 0.2)
      jwt (~> 2.0)
    websocket-driver (0.7.2)
      websocket-extensions (>= 0.1.0)
    websocket-extensions (0.1.5)
    wisper (2.0.1)
    xpath (3.2.0)
      nokogiri (~> 1.8)

PLATFORMS
  ruby

DEPENDENCIES
  active_model_serializers (~> 0.10)
  active_record_query_trace (~> 1.7)
  addressable (~> 2.7)
  annotate (~> 3.1)
  aws-sdk-s3 (~> 1.81)
  better_errors (~> 2.7)
  binding_of_caller (~> 0.7)
  blurhash (~> 0.1)
  bootsnap (~> 1.4)
  brakeman (~> 4.8)
  browser
  bullet (~> 6.1)
  bundler-audit (~> 0.7)
  capistrano (~> 3.14)
  capistrano-rails (~> 1.5)
  capistrano-rbenv (~> 2.1)
  capistrano-yarn (~> 2.0)
  capybara (~> 3.33)
  charlock_holmes (~> 0.7.7)
  chewy (~> 5.1)
  cld3 (~> 3.3.0)
  climate_control (~> 0.2)
  color_diff (~> 0.1)
  concurrent-ruby
  connection_pool
  devise (~> 4.7)
  devise-two-factor (~> 3.1)
  devise_pam_authenticatable2 (~> 9.2)
  discard (~> 1.2)
  doorkeeper (~> 5.4)
  dotenv-rails (~> 2.7)
  e2mmap (~> 0.1.0)
  ed25519 (~> 1.2)
  fabrication (~> 2.21)
  faker (~> 2.13)
  fast_blank (~> 1.0)
  fastimage
  fog-core (<= 2.1.0)
  fog-openstack (~> 0.3)
  fuubar (~> 2.5)
  goldfinger (~> 2.1)
  hamlit-rails (~> 0.2)
  health_check!
  hiredis (~> 0.6)
  htmlentities (~> 4.3)
  http (~> 4.4)
  http_accept_language (~> 2.1)
  http_parser.rb (~> 0.6)!
  httplog (~> 1.4.3)
  i18n-tasks (~> 0.9)
  idn-ruby
  iso-639
  json-ld
  json-ld-preloaded (~> 3.1)
  kaminari (~> 1.2)
  letter_opener (~> 1.7)
  letter_opener_web (~> 1.4)
  link_header (~> 0.0)
  lograge (~> 0.11)
  makara (~> 0.4)
  mario-redis-lock (~> 1.2)
  memory_profiler
  microformats (~> 4.2)
  mime-types (~> 3.3.1)
  net-ldap (~> 0.16)
  nilsimsa!
  nokogiri (~> 1.10)
  nsa (~> 0.2)
  oj (~> 3.10)
  omniauth (~> 1.9)
  omniauth-cas (~> 1.1)
  omniauth-saml (~> 1.10)
  ox (~> 2.13)
  paperclip (~> 6.0)
  paperclip-av-transcoder (~> 0.6)
  parallel (~> 1.19)
  parallel_tests (~> 3.0)
  parslet
  pg (~> 1.2)
  pghero (~> 2.5)
  pkg-config (~> 1.4)
  posix-spawn!
  premailer-rails
  private_address_check (~> 0.5)
  pry-byebug (~> 3.9)
  pry-rails (~> 0.3)
  puma (~> 4.3)
  pundit (~> 2.1)
  rack (~> 2.2.3)
  rack-attack (~> 6.3)
  rack-cors (~> 1.1)
  rails (~> 5.2.4.3)
  rails-controller-testing (~> 1.0)
  rails-i18n (~> 5.1)
  rails-settings-cached (~> 0.6)
  rdf-normalize (~> 0.4)
  redis (~> 4.2)
  redis-namespace (~> 1.7)
  redis-rails (~> 5.0)
  rqrcode (~> 1.1)
  rspec-rails (~> 4.0)
  rspec-sidekiq (~> 3.1)
  rspec_junit_formatter (~> 0.4)
  rubocop (~> 0.86)
  rubocop-rails (~> 2.6)
  ruby-progressbar (~> 1.10)
  sanitize (~> 5.2)
  sidekiq (~> 6.0)
  sidekiq-bulk (~> 0.2.0)
  sidekiq-scheduler (~> 3.0)
  sidekiq-unique-jobs (~> 6.0)
  simple-navigation (~> 4.1)
  simple_form (~> 5.0)
  simplecov (~> 0.18)
  sprockets (~> 3.7.2)
  sprockets-rails (~> 3.2)
  stackprof
  stoplight (~> 2.2.0)
  streamio-ffmpeg (~> 3.0)
  strong_migrations (~> 0.6)
  thor (~> 0.20)
  thwait (~> 0.1.0)
  tty-prompt (~> 0.21)
  twitter-text (~> 1.14)
  tzinfo-data (~> 1.2020)
  webmock (~> 3.8)
  webpacker (~> 5.1)
  webpush
